GEM
  remote: https://rubygems.org/
  specs:
    httparty (0.11.0)
      multi_json (~> 1.0)
      multi_xml (>= 0.5.2)
    kramdown (1.3.2)
    multi_json (1.8.4)
    multi_xml (0.5.5)
    rack (1.5.2)
    rack-protection (1.5.2)
      rack
    sinatra (1.4.4)
      rack (~> 1.4)
      rack-protection (~> 1.4)
      tilt (~> 1.3, >= 1.3.4)
    slack-notifier (0.1.0)
      httparty (~> 0.11.0)
    tilt (1.4.1)

PLATFORMS
  x86-mingw32

DEPENDENCIES
  kramdown
  sinatra
  slack-notifier
